PATH
  remote: .
  specs:
    after_commit_queue (1.1.0)
      rails (~> 2.0)

GEM
  remote: http://rubygems.org/
  specs:
    actionmailer (2.3.18)
      actionpack (= 2.3.18)
    actionpack (2.3.18)
      activesupport (= 2.3.18)
      rack (~> 1.1.0)
    activerecord (2.3.18)
      activesupport (= 2.3.18)
    activeresource (2.3.18)
      activesupport (= 2.3.18)
    activesupport (2.3.18)
    after_commit (1.0.11)
      activerecord (>= 1.15.6, < 3.0.0)
    rack (1.1.6)
    rails (2.3.18)
      actionmailer (= 2.3.18)
      actionpack (= 2.3.18)
      activerecord (= 2.3.18)
      activeresource (= 2.3.18)
      activesupport (= 2.3.18)
      rake (>= 0.8.3)
    rake (10.3.2)
    sqlite3 (1.3.7)
    state_machine (1.2.0)

PLATFORMS
  ruby

DEPENDENCIES
  after_commit
  after_commit_queue!
  sqlite3
  state_machine
